GEM
  remote: https://rubygems.org/
  specs:
    aws-flow (1.0.4)
      aws-flow-core (>= 1.0.1)
      aws-sdk (~> 1)
    aws-flow-core (1.0.1)
    aws-sdk (1.23.0)
      json (~> 1.4)
      nokogiri (>= 1.4.4, < 1.6.0)
      uuidtools (~> 2.1)
    diff-lcs (1.2.4)
    json (1.8.1)
    mime-types (1.25)
    nokogiri (1.5.10)
    rake (10.1.0)
    rest-client (1.6.7)
      mime-types (>= 1.16)
    rspec (2.14.1)
      rspec-core (~> 2.14.0)
      rspec-expectations (~> 2.14.0)
      rspec-mocks (~> 2.14.0)
    rspec-core (2.14.6)
    rspec-expectations (2.14.3)
      diff-lcs (>= 1.1.3, < 2.0)
    rspec-mocks (2.14.4)
    uuidtools (2.1.4)

PLATFORMS
  ruby

DEPENDENCIES
  aws-flow
  rake
  rest-client
  rspec
